GEM
  remote: https://rubygems.org/
  specs:
    dotenv (2.2.0)
    json (2.3.0)

PLATFORMS
  ruby

DEPENDENCIES
  dotenv
  json

BUNDLED WITH
   1.14.6
